PATH
  remote: .
  specs:
    navtor (0.0.1)
      curses (~> 1.2)

GEM
  remote: https://rubygems.org/
  specs:
    curses (1.2.5)

PLATFORMS
  ruby

DEPENDENCIES
  bundler (~> 1.0)
  curses
  navtor!

BUNDLED WITH
   1.16.5
