PATH
  remote: .
  specs:
    navtor (0.0.1)
      curses (~> 1.2)

GEM
  remote: https://rubygems.org/
  specs:
    byebug (11.0.1)
    coderay (1.1.2)
    curses (1.2.5)
    method_source (0.9.2)
    pry (0.12.2)
      coderay (~> 1.1.0)
      method_source (~> 0.9.0)
    pry-byebug (3.7.0)
      byebug (~> 11.0)
      pry (~> 0.10)

PLATFORMS
  ruby

DEPENDENCIES
  bundler (~> 1.0)
  byebug
  curses
  navtor!
  pry
  pry-byebug

BUNDLED WITH
   1.16.6
